{
	"Modality": "MR",
	"MagneticFieldStrength": 1.5,
	"ImagingFrequency": 63.9016,
	"Manufacturer": "Philips",
	"ManufacturersModelName": "Achieva",
	"InstitutionName": "Radiologie Uniklinik Koeln",
	"InstitutionalDepartmentName": "MRT",
	"DeviceSerialNumber": "12057",
	"StationName": "achieva15",
	"BodyPartExamined": "HEART",
	"PatientPosition": "HFS",
	"ProcedureStepDescription": "Proband X15 1,5T morgens",
	"SoftwareVersions": "3.2.2\\3.2.2.0",
	"MRAcquisitionType": "2D",
	"SeriesDescription": "sSA",
	"ProtocolName": "WIP sSA SENSE",
	"ScanningSequence": "GR",
	"SequenceVariant": "SK",
	"ScanOptions": "CG",
	"PulseSequenceName": "B-TFE",
	"ImageType": ["ORIGINAL", "PRIMARY", "M", "FFE", "M", "FFE"],
	"SeriesNumber": 501,
	"AcquisitionTime": "10:04:32.030000",
	"AcquisitionNumber": 5,
	"PhilipsRescaleSlope": 3.21074,
	"PhilipsRescaleIntercept": 0,
	"PhilipsScaleSlope": 0.00288373,
	"UsePhilipsFloatNotDisplayScaling": 1,
	"SliceThickness": 8,
	"SpacingBetweenSlices": 8,
	"SAR": 2.94583,
	"EchoTime": 0.001646,
	"RepetitionTime": 0.0032928,
	"MTState": false,
	"FlipAngle": 60,
	"CoilString": "SENSE-Cardiac",
	"PercentPhaseFOV": 100,
	"PercentSampling": 110.096,
	"EchoTrainLength": 12,
	"PhaseEncodingSteps": 210,
	"AcquisitionMatrixPE": 210,
	"ReconMatrixPE": 256,
	"ParallelReductionFactorInPlane": 2,
	"ParallelAcquisitionTechnique": "SENSE",
	"WaterFatShift": 0.225956,
	"EstimatedEffectiveEchoSpacing": 3.76471e-06,
	"EstimatedTotalReadoutTime": 0.00096,
	"AcquisitionDuration": 115.83,
	"PixelBandwidth": 962,
	"PhaseEncodingAxis": "i",
	"ImageOrientationPatientDICOM": [
		0.779666,
		0.616954,
		0.107185,
		-0.300808,
		0.51913,
		-0.800012	],
	"InPlanePhaseEncodingDirectionDICOM": "ROW",
	"ConversionSoftware": "dcm2niix",
	"ConversionSoftwareVersion": "v1.0.20220720"
}
