{
	"Modality": "MR",
	"MagneticFieldStrength": 1.5,
	"ImagingFrequency": 63.9017,
	"Manufacturer": "Philips",
	"ManufacturersModelName": "Achieva",
	"InstitutionName": "Radiologie Uniklinik Koeln",
	"InstitutionalDepartmentName": "MRT",
	"DeviceSerialNumber": "12057",
	"StationName": "achieva15",
	"BodyPartExamined": "HEART",
	"PatientPosition": "HFS",
	"ProcedureStepDescription": "Proband X2",
	"SoftwareVersions": "3.2.2\\3.2.2.0",
	"MRAcquisitionType": "2D",
	"SeriesDescription": "sSA",
	"ProtocolName": "WIP sSA SENSE",
	"ScanningSequence": "GR",
	"SequenceVariant": "SK",
	"ScanOptions": "CG",
	"PulseSequenceName": "B-TFE",
	"ImageType": ["ORIGINAL", "PRIMARY", "M", "FFE", "M", "FFE"],
	"SeriesNumber": 601,
	"AcquisitionTime": "09:22:30.400000",
	"AcquisitionNumber": 6,
	"PhilipsRescaleSlope": 4.13089,
	"PhilipsRescaleIntercept": 0,
	"PhilipsScaleSlope": 0.00193298,
	"UsePhilipsFloatNotDisplayScaling": 1,
	"SliceThickness": 8,
	"SpacingBetweenSlices": 8,
	"SAR": 2.96746,
	"EchoTime": 0.001634,
	"RepetitionTime": 0.0032688,
	"MTState": false,
	"FlipAngle": 60,
	"CoilString": "SENSE-Cardiac",
	"PercentPhaseFOV": 90.3846,
	"PercentSampling": 110.106,
	"EchoTrainLength": 12,
	"PhaseEncodingSteps": 206,
	"AcquisitionMatrixPE": 206,
	"ReconMatrixPE": 256,
	"ParallelReductionFactorInPlane": 2,
	"ParallelAcquisitionTechnique": "SENSE",
	"WaterFatShift": 0.225957,
	"EstimatedEffectiveEchoSpacing": 3.76471e-06,
	"EstimatedTotalReadoutTime": 0.00096,
	"AcquisitionDuration": 135,
	"PixelBandwidth": 962,
	"PhaseEncodingAxis": "j",
	"ImageOrientationPatientDICOM": [
		0.831994,
		0.314508,
		0.457024,
		0.0157027,
		0.810107,
		-0.586072	],
	"InPlanePhaseEncodingDirectionDICOM": "COL",
	"ConversionSoftware": "dcm2niix",
	"ConversionSoftwareVersion": "v1.0.20220720"
}
