{
	"Modality": "MR",
	"MagneticFieldStrength": 1.5,
	"ImagingFrequency": 63.9017,
	"Manufacturer": "Philips",
	"ManufacturersModelName": "Achieva",
	"InstitutionName": "Radiologie Uniklinik Koeln",
	"InstitutionalDepartmentName": "MRT",
	"DeviceSerialNumber": "12057",
	"StationName": "achieva15",
	"BodyPartExamined": "HEART",
	"PatientPosition": "HFS",
	"ProcedureStepDescription": "Proband X7 1,5T morgens",
	"SoftwareVersions": "3.2.2\\3.2.2.0",
	"MRAcquisitionType": "2D",
	"SeriesDescription": "sSA",
	"ProtocolName": "WIP sSA SENSE",
	"ScanningSequence": "GR",
	"SequenceVariant": "SK",
	"ScanOptions": "CG",
	"PulseSequenceName": "B-TFE",
	"ImageType": ["ORIGINAL", "PRIMARY", "M", "FFE", "M", "FFE"],
	"SeriesNumber": 601,
	"AcquisitionTime": "10:16:33.950000",
	"AcquisitionNumber": 6,
	"PhilipsRescaleSlope": 3.30989,
	"PhilipsRescaleIntercept": 0,
	"PhilipsScaleSlope": 0.00303953,
	"UsePhilipsFloatNotDisplayScaling": 1,
	"SliceThickness": 8,
	"SpacingBetweenSlices": 8,
	"SAR": 3.02106,
	"EchoTime": 0.001605,
	"RepetitionTime": 0.0032108,
	"MTState": false,
	"FlipAngle": 60,
	"CoilString": "SENSE-Cardiac",
	"PercentPhaseFOV": 100,
	"PercentSampling": 110.096,
	"EchoTrainLength": 12,
	"PhaseEncodingSteps": 210,
	"AcquisitionMatrixPE": 210,
	"ReconMatrixPE": 256,
	"ParallelReductionFactorInPlane": 2,
	"ParallelAcquisitionTechnique": "SENSE",
	"WaterFatShift": 0.225956,
	"EstimatedEffectiveEchoSpacing": 3.7647e-06,
	"EstimatedTotalReadoutTime": 0.00096,
	"AcquisitionDuration": 130,
	"PixelBandwidth": 962,
	"PhaseEncodingAxis": "j",
	"ImageOrientationPatientDICOM": [
		0.889086,
		0.330038,
		0.317176,
		-0.0608431,
		0.771977,
		-0.632732	],
	"InPlanePhaseEncodingDirectionDICOM": "COL",
	"ConversionSoftware": "dcm2niix",
	"ConversionSoftwareVersion": "v1.0.20220720"
}
