{
	"Modality": "MR",
	"MagneticFieldStrength": 1.5,
	"ImagingFrequency": 63.9016,
	"Manufacturer": "Philips",
	"ManufacturersModelName": "Achieva",
	"InstitutionName": "Radiologie Uniklinik Koeln",
	"InstitutionalDepartmentName": "MRT",
	"DeviceSerialNumber": "12057",
	"StationName": "achieva15",
	"BodyPartExamined": "HEART",
	"PatientPosition": "HFS",
	"ProcedureStepDescription": "T2 Mapping Proband X12 1,5T morgens",
	"SoftwareVersions": "3.2.2\\3.2.2.0",
	"MRAcquisitionType": "2D",
	"SeriesDescription": "sSA",
	"ProtocolName": "WIP sSA SENSE",
	"ScanningSequence": "GR",
	"SequenceVariant": "SK",
	"ScanOptions": "CG",
	"PulseSequenceName": "B-TFE",
	"ImageType": ["ORIGINAL", "PRIMARY", "M", "FFE", "M", "FFE"],
	"SeriesNumber": 501,
	"AcquisitionTime": "09:53:19.850000",
	"AcquisitionNumber": 5,
	"PhilipsRescaleSlope": 3.48645,
	"PhilipsRescaleIntercept": 0,
	"PhilipsScaleSlope": 0.00346879,
	"UsePhilipsFloatNotDisplayScaling": 1,
	"SliceThickness": 8,
	"SpacingBetweenSlices": 8,
	"SAR": 2.93869,
	"EchoTime": 0.00165,
	"RepetitionTime": 0.0033008,
	"MTState": false,
	"FlipAngle": 60,
	"CoilString": "SENSE-Cardiac",
	"PercentPhaseFOV": 126.923,
	"PercentSampling": 110.227,
	"EchoTrainLength": 12,
	"PhaseEncodingSteps": 282,
	"AcquisitionMatrixPE": 282,
	"ReconMatrixPE": 336,
	"ParallelReductionFactorInPlane": 2,
	"ParallelAcquisitionTechnique": "SENSE",
	"WaterFatShift": 0.225956,
	"EstimatedEffectiveEchoSpacing": 2.86567e-06,
	"EstimatedTotalReadoutTime": 0.00096,
	"AcquisitionDuration": 195,
	"PixelBandwidth": 962,
	"PhaseEncodingAxis": "i",
	"ImageOrientationPatientDICOM": [
		0.840226,
		0.527771,
		0.124412,
		-0.213479,
		0.532884,
		-0.818817	],
	"InPlanePhaseEncodingDirectionDICOM": "ROW",
	"ConversionSoftware": "dcm2niix",
	"ConversionSoftwareVersion": "v1.0.20220720"
}
