{
	"Modality": "MR",
	"MagneticFieldStrength": 1.5,
	"ImagingFrequency": 63.9017,
	"Manufacturer": "Philips",
	"ManufacturersModelName": "Achieva",
	"InstitutionName": "Radiologie Uniklinik Koeln",
	"InstitutionalDepartmentName": "MRT",
	"DeviceSerialNumber": "12057",
	"StationName": "achieva15",
	"BodyPartExamined": "HEART",
	"PatientPosition": "HFS",
	"ProcedureStepDescription": "Proband X14 3T morgens",
	"SoftwareVersions": "3.2.2\\3.2.2.0",
	"MRAcquisitionType": "2D",
	"SeriesDescription": "sSA",
	"ProtocolName": "WIP sSA SENSE",
	"ScanningSequence": "GR",
	"SequenceVariant": "SK",
	"ScanOptions": "CG",
	"PulseSequenceName": "B-TFE",
	"ImageType": ["ORIGINAL", "PRIMARY", "M", "FFE", "M", "FFE"],
	"SeriesNumber": 501,
	"AcquisitionTime": "11:10:9.960000",
	"AcquisitionNumber": 5,
	"PhilipsRescaleSlope": 4.35116,
	"PhilipsRescaleIntercept": 0,
	"PhilipsScaleSlope": 0.00356994,
	"UsePhilipsFloatNotDisplayScaling": 1,
	"SliceThickness": 8,
	"SpacingBetweenSlices": 8,
	"SAR": 2.953,
	"EchoTime": 0.001642,
	"RepetitionTime": 0.0032848,
	"MTState": false,
	"FlipAngle": 60,
	"CoilString": "SENSE-Cardiac",
	"PercentPhaseFOV": 119.231,
	"PercentSampling": 110.081,
	"EchoTrainLength": 9,
	"PhaseEncodingSteps": 264,
	"AcquisitionMatrixPE": 264,
	"ReconMatrixPE": 320,
	"ParallelReductionFactorInPlane": 2,
	"ParallelAcquisitionTechnique": "SENSE",
	"WaterFatShift": 0.225956,
	"EstimatedEffectiveEchoSpacing": 2.93417e-06,
	"EstimatedTotalReadoutTime": 0.000936,
	"AcquisitionDuration": 192,
	"PixelBandwidth": 962,
	"PhaseEncodingAxis": "i",
	"ImageOrientationPatientDICOM": [
		0.862674,
		0.505474,
		-0.016982,
		-0.313836,
		0.508677,
		-0.80172	],
	"InPlanePhaseEncodingDirectionDICOM": "ROW",
	"ConversionSoftware": "dcm2niix",
	"ConversionSoftwareVersion": "v1.0.20220720"
}
