{
	"Modality": "MR",
	"MagneticFieldStrength": 1.5,
	"ImagingFrequency": 63.9017,
	"Manufacturer": "Philips",
	"ManufacturersModelName": "Achieva",
	"InstitutionName": "Radiologie Uniklinik Koeln",
	"InstitutionalDepartmentName": "MRT",
	"DeviceSerialNumber": "12057",
	"StationName": "achieva15",
	"BodyPartExamined": "HEART",
	"PatientPosition": "HFS",
	"ProcedureStepDescription": "T2 Mapping Proband X8 1,5T morgens",
	"SoftwareVersions": "3.2.2\\3.2.2.0",
	"MRAcquisitionType": "2D",
	"SeriesDescription": "sSA",
	"ProtocolName": "WIP sSA SENSE",
	"ScanningSequence": "GR",
	"SequenceVariant": "SK",
	"ScanOptions": "CG",
	"PulseSequenceName": "B-TFE",
	"ImageType": ["ORIGINAL", "PRIMARY", "M", "FFE", "M", "FFE"],
	"SeriesNumber": 901,
	"AcquisitionTime": "09:28:52.500000",
	"AcquisitionNumber": 9,
	"PhilipsRescaleSlope": 6.44444,
	"PhilipsRescaleIntercept": 0,
	"PhilipsScaleSlope": 0.00287857,
	"UsePhilipsFloatNotDisplayScaling": 1,
	"SliceThickness": 8,
	"SpacingBetweenSlices": 8,
	"SAR": 2.90003,
	"EchoTime": 0.001672,
	"RepetitionTime": 0.0033448,
	"MTState": false,
	"FlipAngle": 60,
	"CoilString": "SENSE-Cardiac",
	"PercentPhaseFOV": 119.231,
	"PercentSampling": 110.081,
	"EchoTrainLength": 10,
	"PhaseEncodingSteps": 273,
	"AcquisitionMatrixPE": 273,
	"ReconMatrixPE": 320,
	"ParallelReductionFactorInPlane": 2,
	"ParallelAcquisitionTechnique": "SENSE",
	"WaterFatShift": 0.225957,
	"EstimatedEffectiveEchoSpacing": 2.96381e-06,
	"EstimatedTotalReadoutTime": 0.000945455,
	"AcquisitionDuration": 192.825,
	"PixelBandwidth": 962,
	"PhaseEncodingAxis": "j",
	"ImageOrientationPatientDICOM": [
		0.756603,
		0.644201,
		0.112057,
		-0.468251,
		0.653417,
		-0.5948	],
	"InPlanePhaseEncodingDirectionDICOM": "COL",
	"ConversionSoftware": "dcm2niix",
	"ConversionSoftwareVersion": "v1.0.20220720"
}
