{
	"Modality": "MR",
	"MagneticFieldStrength": 1.5,
	"ImagingFrequency": 63.9017,
	"Manufacturer": "Philips",
	"ManufacturersModelName": "Achieva",
	"InstitutionName": "Radiologie Uniklinik Koeln",
	"InstitutionalDepartmentName": "MRT",
	"DeviceSerialNumber": "12057",
	"StationName": "achieva15",
	"BodyPartExamined": "HEART",
	"PatientPosition": "HFS",
	"ProcedureStepDescription": "T2 Mapping Proband X10 1,5T morgens",
	"SoftwareVersions": "3.2.2\\3.2.2.0",
	"MRAcquisitionType": "2D",
	"SeriesDescription": "sSA",
	"ProtocolName": "WIP sSA SENSE",
	"ScanningSequence": "GR",
	"SequenceVariant": "SK",
	"ScanOptions": "CG",
	"PulseSequenceName": "B-TFE",
	"ImageType": ["ORIGINAL", "PRIMARY", "M", "FFE", "M", "FFE"],
	"SeriesNumber": 501,
	"AcquisitionTime": "12:02:11.180000",
	"AcquisitionNumber": 5,
	"PhilipsRescaleSlope": 5.2884,
	"PhilipsRescaleIntercept": 0,
	"PhilipsScaleSlope": 0.00324417,
	"UsePhilipsFloatNotDisplayScaling": 1,
	"SliceThickness": 8,
	"SpacingBetweenSlices": 8,
	"SAR": 2.92275,
	"EchoTime": 0.001659,
	"RepetitionTime": 0.0033188,
	"MTState": false,
	"FlipAngle": 60,
	"CoilString": "SENSE-Cardiac",
	"PercentPhaseFOV": 101.923,
	"PercentSampling": 109.906,
	"EchoTrainLength": 10,
	"PhaseEncodingSteps": 233,
	"AcquisitionMatrixPE": 233,
	"ReconMatrixPE": 288,
	"ParallelReductionFactorInPlane": 2,
	"ParallelAcquisitionTechnique": "SENSE",
	"WaterFatShift": 0.225956,
	"EstimatedEffectiveEchoSpacing": 3.29427e-06,
	"EstimatedTotalReadoutTime": 0.000945454,
	"AcquisitionDuration": 178.256,
	"PixelBandwidth": 962,
	"PhaseEncodingAxis": "j",
	"ImageOrientationPatientDICOM": [
		0.846404,
		0.526012,
		0.0831401,
		-0.36583,
		0.687761,
		-0.62702	],
	"InPlanePhaseEncodingDirectionDICOM": "COL",
	"ConversionSoftware": "dcm2niix",
	"ConversionSoftwareVersion": "v1.0.20220720"
}
