{
	"Modality": "MR",
	"MagneticFieldStrength": 1.5,
	"ImagingFrequency": 63.9017,
	"Manufacturer": "Philips",
	"ManufacturersModelName": "Achieva",
	"InstitutionName": "Radiologie Uniklinik Koeln",
	"InstitutionalDepartmentName": "MRT",
	"DeviceSerialNumber": "12057",
	"StationName": "achieva15",
	"BodyPartExamined": "HEART",
	"PatientPosition": "HFS",
	"ProcedureStepDescription": "Proband X5 1,5T morgens",
	"SoftwareVersions": "3.2.2\\3.2.2.0",
	"MRAcquisitionType": "2D",
	"SeriesDescription": "sSA",
	"ProtocolName": "WIP sSA SENSE",
	"ScanningSequence": "GR",
	"SequenceVariant": "SK",
	"ScanOptions": "CG",
	"PulseSequenceName": "B-TFE",
	"ImageType": ["ORIGINAL", "PRIMARY", "M", "FFE", "M", "FFE"],
	"SeriesNumber": 501,
	"AcquisitionTime": "09:50:27.200000",
	"AcquisitionNumber": 5,
	"PhilipsRescaleSlope": 4.0188,
	"PhilipsRescaleIntercept": 0,
	"PhilipsScaleSlope": 0.00324838,
	"UsePhilipsFloatNotDisplayScaling": 1,
	"SliceThickness": 8,
	"SpacingBetweenSlices": 8,
	"SAR": 2.96927,
	"EchoTime": 0.001633,
	"RepetitionTime": 0.0032668,
	"MTState": false,
	"FlipAngle": 60,
	"CoilString": "SENSE-Cardiac",
	"PercentPhaseFOV": 105.769,
	"PercentSampling": 110,
	"EchoTrainLength": 13,
	"PhaseEncodingSteps": 228,
	"AcquisitionMatrixPE": 228,
	"ReconMatrixPE": 288,
	"ParallelReductionFactorInPlane": 2,
	"ParallelAcquisitionTechnique": "SENSE",
	"WaterFatShift": 0.225957,
	"EstimatedEffectiveEchoSpacing": 3.36486e-06,
	"EstimatedTotalReadoutTime": 0.000965714,
	"AcquisitionDuration": 135.84,
	"PixelBandwidth": 962,
	"PhaseEncodingAxis": "i",
	"ImageOrientationPatientDICOM": [
		0.726373,
		0.686427,
		0.0346353,
		-0.411579,
		0.474783,
		-0.777935	],
	"InPlanePhaseEncodingDirectionDICOM": "ROW",
	"ConversionSoftware": "dcm2niix",
	"ConversionSoftwareVersion": "v1.0.20220720"
}
