{
	"Modality": "MR",
	"MagneticFieldStrength": 1.5,
	"ImagingFrequency": 63.9018,
	"Manufacturer": "Philips",
	"ManufacturersModelName": "Achieva",
	"InstitutionName": "Radiologie Uniklinik Koeln",
	"InstitutionalDepartmentName": "MRT",
	"DeviceSerialNumber": "12057",
	"StationName": "achieva15",
	"BodyPartExamined": "HEART",
	"PatientPosition": "HFS",
	"ProcedureStepDescription": "Proband X6 1,5T morgens",
	"SoftwareVersions": "3.2.2\\3.2.2.0",
	"MRAcquisitionType": "2D",
	"SeriesDescription": "sSA",
	"ProtocolName": "WIP sSA SENSE",
	"ScanningSequence": "GR",
	"SequenceVariant": "SK",
	"ScanOptions": "CG",
	"PulseSequenceName": "B-TFE",
	"ImageType": ["ORIGINAL", "PRIMARY", "M", "FFE", "M", "FFE"],
	"SeriesNumber": 501,
	"AcquisitionTime": "11:11:54.090000",
	"AcquisitionNumber": 5,
	"PhilipsRescaleSlope": 4.05592,
	"PhilipsRescaleIntercept": 0,
	"PhilipsScaleSlope": 0.00361705,
	"UsePhilipsFloatNotDisplayScaling": 1,
	"SliceThickness": 8,
	"SpacingBetweenSlices": 8,
	"SAR": 3.04573,
	"EchoTime": 0.001592,
	"RepetitionTime": 0.0031848,
	"MTState": false,
	"FlipAngle": 60,
	"CoilString": "SENSE-Cardiac",
	"PercentPhaseFOV": 119.231,
	"PercentSampling": 110.081,
	"EchoTrainLength": 9,
	"PhaseEncodingSteps": 264,
	"AcquisitionMatrixPE": 264,
	"ReconMatrixPE": 320,
	"ParallelReductionFactorInPlane": 2,
	"ParallelAcquisitionTechnique": "SENSE",
	"WaterFatShift": 0.225957,
	"EstimatedEffectiveEchoSpacing": 2.93417e-06,
	"EstimatedTotalReadoutTime": 0.000936,
	"AcquisitionDuration": 162.032,
	"PixelBandwidth": 962,
	"PhaseEncodingAxis": "i",
	"ImageOrientationPatientDICOM": [
		0.618293,
		0.782495,
		0.0735884,
		-0.254447,
		0.287878,
		-0.923246	],
	"InPlanePhaseEncodingDirectionDICOM": "ROW",
	"ConversionSoftware": "dcm2niix",
	"ConversionSoftwareVersion": "v1.0.20220720"
}
