{
	"Modality": "MR",
	"MagneticFieldStrength": 1.5,
	"ImagingFrequency": 63.9017,
	"Manufacturer": "Philips",
	"ManufacturersModelName": "Achieva",
	"InstitutionName": "Radiologie Uniklinik Koeln",
	"InstitutionalDepartmentName": "MRT",
	"DeviceSerialNumber": "12057",
	"StationName": "achieva15",
	"BodyPartExamined": "HEART",
	"PatientPosition": "HFS",
	"ProcedureStepDescription": "T2 Mapping Proband X1 1,5T vormittags",
	"SoftwareVersions": "3.2.2\\3.2.2.0",
	"MRAcquisitionType": "2D",
	"SeriesDescription": "sSA",
	"ProtocolName": "WIP sSA SENSE",
	"ScanningSequence": "GR",
	"SequenceVariant": "SK",
	"ScanOptions": "CG",
	"PulseSequenceName": "B-TFE",
	"ImageType": ["ORIGINAL", "PRIMARY", "M", "FFE", "M", "FFE"],
	"SeriesNumber": 1101,
	"AcquisitionTime": "10:35:58.120000",
	"AcquisitionNumber": 11,
	"PhilipsRescaleSlope": 6.92918,
	"PhilipsRescaleIntercept": 0,
	"PhilipsScaleSlope": 0.00172459,
	"UsePhilipsFloatNotDisplayScaling": 1,
	"SliceThickness": 8,
	"SpacingBetweenSlices": 8,
	"SAR": 2.94583,
	"EchoTime": 0.001646,
	"RepetitionTime": 0.0032928,
	"MTState": false,
	"FlipAngle": 60,
	"CoilString": "SENSE-Cardiac",
	"PercentPhaseFOV": 90.3846,
	"PercentSampling": 110.106,
	"EchoTrainLength": 20,
	"PhaseEncodingSteps": 214,
	"AcquisitionMatrixPE": 214,
	"ReconMatrixPE": 256,
	"ParallelReductionFactorInPlane": 2,
	"ParallelAcquisitionTechnique": "SENSE",
	"WaterFatShift": 0.225957,
	"EstimatedEffectiveEchoSpacing": 3.88422e-06,
	"EstimatedTotalReadoutTime": 0.000990476,
	"AcquisitionDuration": 154.26,
	"PixelBandwidth": 962,
	"PhaseEncodingAxis": "i",
	"ImageOrientationPatientDICOM": [
		0.120884,
		0.724365,
		-0.678736,
		-0.709669,
		-0.415025,
		-0.569319	],
	"InPlanePhaseEncodingDirectionDICOM": "ROW",
	"ConversionSoftware": "dcm2niix",
	"ConversionSoftwareVersion": "v1.0.20220720"
}
